GEM
  remote: https://rubygems.org/
  specs:
    holiday_jp (0.5.1)

PLATFORMS
  ruby

DEPENDENCIES
  holiday_jp

BUNDLED WITH
   1.14.4
